GEM
  remote: https://rubygems.org/
  specs:
    celluloid (0.16.0)
      timers (~> 4.0.0)
    connection_pool (2.1.1)
    hitimes (1.2.2-java)
    jruby-jars (1.7.18)
    jruby-rack (1.1.18)
    json (1.8.2-java)
    rack (1.6.0)
    rack-protection (1.5.3)
      rack
    rake (10.4.2)
    redis (3.2.0)
    redis-namespace (1.5.1)
      redis (~> 3.0, >= 3.0.4)
    rubyzip (1.1.6)
    sidekiq (3.3.0)
      celluloid (>= 0.16.0)
      connection_pool (>= 2.0.0)
      json
      redis (>= 3.0.6)
      redis-namespace (>= 1.3.1)
    sinatra (1.4.5)
      rack (~> 1.4)
      rack-protection (~> 1.4)
      tilt (~> 1.3, >= 1.3.4)
    thread_safe (0.3.4-java)
    tilt (1.4.1)
    timers (4.0.1)
      hitimes
    tzinfo (1.2.2)
      thread_safe (~> 0.1)
    tzinfo-data (1.2014.10)
      tzinfo (>= 1.0.0)
    warbler (1.4.4)
      jruby-jars (>= 1.5.6, < 2.0)
      jruby-rack (>= 1.0.0)
      rake (>= 0.9.6)
      rubyzip (>= 0.9, < 1.2)

PLATFORMS
  java

DEPENDENCIES
  sidekiq
  sinatra
  tzinfo-data
  warbler
